GEM
  remote: http://rubygems.org/
  specs:
    rainbow (2.0.0)
    sass (3.4.8)
    scss-lint (0.30.0)
      rainbow (~> 2.0)
      sass (~> 3.4.0)

PLATFORMS
  ruby

DEPENDENCIES
  scss-lint
